GEM
  remote: https://rubygems.org/
  specs:
    lexeme (0.0.6)

PLATFORMS
  ruby

DEPENDENCIES
  lexeme

BUNDLED WITH
   1.14.3
